GEM
  remote: https://rubygems.org/
  specs:
    citrus (3.0.2)
    json (2.6.2)
    minitest (5.16.2)
    toml-rb (2.2.0)
      citrus (~> 3.0, > 3.0)
    yaml (0.2.0)

PLATFORMS
  ruby

DEPENDENCIES
  json
  minitest
  toml-rb
  yaml

BUNDLED WITH
   2.3.11
